GEM
  remote: https://rubygems.org/
  specs:
    wisper (2.0.0)

PLATFORMS
  ruby

DEPENDENCIES
  wisper (= 2.0.0)

BUNDLED WITH
   1.15.2
